PATH
  remote: .
  specs:
    docwatch-bin (1.1.4)
      colorize (~> 0.8.1)
      docopt (~> 0.6.1)
      nokogiri (~> 1.10)
      redcarpet (~> 3.5)
      require_all (~> 3.0)

GEM
  remote: https://rubygems.org/
  specs:
    colorize (0.8.1)
    diff-lcs (1.4.4)
    docile (1.4.0)
    docopt (0.6.1)
    nokogiri (1.11.7-x86_64-linux)
      racc (~> 1.4)
    racc (1.5.2)
    rake (13.0.6)
    redcarpet (3.5.1)
    require_all (3.0.0)
    rspec (3.10.0)
      rspec-core (~> 3.10.0)
      rspec-expectations (~> 3.10.0)
      rspec-mocks (~> 3.10.0)
    rspec-core (3.10.1)
      rspec-support (~> 3.10.0)
    rspec-expectations (3.10.1)
      diff-lcs (>= 1.2.0, < 2.0)
      rspec-support (~> 3.10.0)
    rspec-mocks (3.10.2)
      diff-lcs (>= 1.2.0, < 2.0)
      rspec-support (~> 3.10.0)
    rspec-support (3.10.2)
    simplecov (0.21.2)
      docile (~> 1.1)
      simplecov-html (~> 0.11)
      simplecov_json_formatter (~> 0.1)
    simplecov-html (0.12.3)
    simplecov_json_formatter (0.1.3)

PLATFORMS
  ruby

DEPENDENCIES
  docwatch-bin!
  rake (~> 13.0)
  rspec (~> 3.8)
  simplecov (~> 0)

BUNDLED WITH
   2.2.26
