PATH
  remote: .
  specs:
    docwatch-bin (1.0.8)
      colorize (~> 0.8.1)
      docopt (~> 0.6.1)
      nokogiri (~> 1.10)
      redcarpet (~> 3.5)
      require_all (~> 2.0)

GEM
  remote: https://rubygems.org/
  specs:
    colorize (0.8.1)
    diff-lcs (1.3)
    docile (1.3.2)
    docopt (0.6.1)
    json (2.2.0)
    mini_portile2 (2.4.0)
    nokogiri (1.10.4)
      mini_portile2 (~> 2.4.0)
    rake (12.3.3)
    redcarpet (3.5.0)
    require_all (2.0.0)
    rspec (3.8.0)
      rspec-core (~> 3.8.0)
      rspec-expectations (~> 3.8.0)
      rspec-mocks (~> 3.8.0)
    rspec-core (3.8.2)
      rspec-support (~> 3.8.0)
    rspec-expectations (3.8.4)
      diff-lcs (>= 1.2.0, < 2.0)
      rspec-support (~> 3.8.0)
    rspec-mocks (3.8.1)
      diff-lcs (>= 1.2.0, < 2.0)
      rspec-support (~> 3.8.0)
    rspec-support (3.8.2)
    simplecov (0.17.0)
      docile (~> 1.1)
      json (>= 1.8, < 3)
      simplecov-html (~> 0.10.0)
    simplecov-html (0.10.2)

PLATFORMS
  ruby

DEPENDENCIES
  docwatch-bin!
  rake (~> 12.3)
  rspec (~> 3.8)
  simplecov (~> 0.17.0)

BUNDLED WITH
   2.0.2
